PATH
  remote: .
  specs:
    omniauth-woocommerce (0.0.1)
      omniauth (~> 2.1)

GEM
  remote: http://rubygems.org/
  specs:
    base64 (0.2.0)
    hashie (5.0.0)
    logger (1.6.1)
    omniauth (2.1.2)
      hashie (>= 3.4.6)
      rack (>= 2.2.3)
      rack-protection
    rack (3.1.8)
    rack-protection (4.1.1)
      base64 (>= 0.1.0)
      logger (>= 1.6.0)
      rack (>= 3.0.0, < 4)
    rake (13.2.1)

PLATFORMS
  ruby

DEPENDENCIES
  omniauth-woocommerce!
  rake

BUNDLED WITH
   2.1.4
